GIT
  remote: https://github.com/lsegal/yard-js
  revision: c76decbd26c9fe82889d72e10ce50c12cdbe51ff
  specs:
    yard-js (0.1.3)

GEM
  remote: https://rubygems.org/
  specs:
    kpeg (1.1.0)
    parsejs (0.0.1)
      kpeg
      yard
    yard (0.9.5)
    yard-sitemap (1.0.1)

PLATFORMS
  ruby

DEPENDENCIES
  parsejs (~> 0.0.1)
  yard (= 0.9.5)
  yard-js!
  yard-sitemap (~> 1.0)

BUNDLED WITH
   1.17.3
